GEM
  remote: https://rubygems.org/
  specs:
    distribution (0.8.0)
    forwardable (1.3.2)
    parallel (1.23.0)
    prime (0.1.2)
      forwardable
      singleton
    ruby-progressbar (1.13.0)
    singleton (0.1.1)

PLATFORMS
  arm64-darwin-20
  arm64-darwin-21

DEPENDENCIES
  distribution
  parallel
  prime
  ruby-progressbar

BUNDLED WITH
   2.3.12
