GEM
  remote: https://rubygems.org/
  specs:
    ffi (1.15.5)
    narray (0.6.1.2)
    narray_ffi (1.4.4)
      ffi (~> 1.9, >= 1.9.3)
      narray (~> 0.6, >= 0.6.0.8)
    opencl_ruby_ffi (1.3.12)
      ffi (~> 1.9, >= 1.9.3)
      narray (~> 0.6, >= 0.6.0.8)
      narray_ffi (~> 1.0, >= 1.0.0)
    ruby-progressbar (1.13.0)

PLATFORMS
  arm64-darwin-20
  arm64-darwin-21

DEPENDENCIES
  opencl_ruby_ffi
  ruby-progressbar

BUNDLED WITH
   2.3.12
