GEM
  remote: https://rubygems.org/
  specs:
    distribution (0.8.0)
    forwardable (1.3.2)
    prime (0.1.2)
      forwardable
      singleton
    singleton (0.1.1)

PLATFORMS
  arm64-darwin-20
  arm64-darwin-21

DEPENDENCIES
  distribution
  prime

BUNDLED WITH
   2.3.12
